GEM
  remote: https://rubygems.org/
  specs:
    ansi (1.5.0)
    builder (3.2.4)
    minitest (5.15.0)
    minitest-focus (1.3.1)
      minitest (>= 4, < 6)
    minitest-reporters (1.5.0)
      ansi
      builder
      minitest (>= 5.0)
      ruby-progressbar
    rake (13.0.6)
    ruby-progressbar (1.11.0)

PLATFORMS
  x86_64-darwin-21

DEPENDENCIES
  minitest
  minitest-focus
  minitest-reporters
  rake

BUNDLED WITH
   2.3.12
